GEM
  remote: https://rubygems.org/
  specs:
    activesupport (3.1.11)
      multi_json (~> 1.0)
    builder (3.1.4)
    curb (0.7.18)
    feedzirra (0.1.3)
      activesupport (~> 3.1.1)
      builder (>= 2.1.2)
      curb (~> 0.7.15)
      i18n (>= 0.5.0)
      loofah (~> 1.2.0)
      nokogiri (>= 1.4.4)
      rake (>= 0.8.7)
      rdoc (~> 3.8)
      sax-machine (~> 0.1.0)
    httpclient (2.3.2)
    i18n (0.6.1)
    json (1.7.7)
    loofah (1.2.1)
      nokogiri (>= 1.4.4)
    multi_json (1.6.1)
    nokogiri (1.5.6)
    rake (10.0.3)
    rdoc (3.12.1)
      json (~> 1.4)
    sax-machine (0.1.0)
      nokogiri (> 0.0.0)

PLATFORMS
  ruby

DEPENDENCIES
  feedzirra
  httpclient
  nokogiri
